GEM
  remote: https://rubygems.org/
  specs:
    coderay (1.1.2)
    embulk (0.9.17-java)
      bundler (>= 1.10.6)
      liquid (~> 4.0.0)
      msgpack (~> 1.1.0)
    embulk-parser-xml (0.13.0)
      nokogiri (~> 1.10.1)
    ffi (1.11.1-java)
    liquid (4.0.3)
    method_source (0.9.2)
    msgpack (1.1.0-java)
    nokogiri (1.10.3-java)
    pry (0.12.2-java)
      coderay (~> 1.1.0)
      method_source (~> 0.9.0)
      spoon (~> 0.0)
    pry-nav (0.3.0)
      pry (>= 0.9.10, < 0.13.0)
    spoon (0.0.6)
      ffi

PLATFORMS
  java

DEPENDENCIES
  embulk
  embulk-parser-xml
  nokogiri
  pry
  pry-nav

BUNDLED WITH
   1.16.0
